GEM
  remote: https://rubygems.org/
  specs:
    ffi (1.11.1)
    rake (12.3.3)
    rb-fsevent (0.10.3)
    rb-inotify (0.9.10)
      ffi (>= 1.11.1, < 2)
    sass (3.5.5)
      sass-listen (~> 4.0.0)
    sass-listen (4.0.0)
      rb-fsevent (~> 0.9, >= 0.9.4)
      rb-inotify (~> 0.9, >= 0.9.7)
    scss_lint (0.57.0)
      rake (>= 0.9, < 13)
      sass (~> 3.5.5)

PLATFORMS
  ruby

DEPENDENCIES
  scss_lint

BUNDLED WITH
   1.17.2
